GEM
  remote: https://rubygems.org/
  specs:
    coderay (1.1.0)
    json (1.8.1)
    method_source (0.8.2)
    pry (0.9.12.4)
      coderay (~> 1.0)
      method_source (~> 0.8)
      slop (~> 3.4)
    ruby-dbus (0.10.0)
    slop (3.4.7)

PLATFORMS
  ruby

DEPENDENCIES
  json
  pry
  ruby-dbus
